PATH
  remote: .
  specs:
    onchain (4.04)
      bitcoin-ruby
      google_currency
      money-tree

GEM
  remote: https://rubygems.org/
  specs:
    bitcoin-ruby (0.0.11)
    diff-lcs (1.3)
    ffi (1.9.18)
    google_currency (3.3.0)
      money (~> 6.7)
    i18n (0.8.6)
    money (6.9.0)
      i18n (>= 0.6.4, < 0.9)
    money-tree (0.9.0)
      ffi
    rake (12.0.0)
    rspec (3.1.0)
      rspec-core (~> 3.1.0)
      rspec-expectations (~> 3.1.0)
      rspec-mocks (~> 3.1.0)
    rspec-core (3.1.7)
      rspec-support (~> 3.1.0)
    rspec-expectations (3.1.2)
      diff-lcs (>= 1.2.0, < 2.0)
      rspec-support (~> 3.1.0)
    rspec-mocks (3.1.3)
      rspec-support (~> 3.1.0)
    rspec-support (3.1.2)

PLATFORMS
  ruby

DEPENDENCIES
  onchain!
  rake
  rspec (~> 3.1.0)

BUNDLED WITH
   1.15.3
