PATH
  remote: .
  specs:
    onchain (1.1.9)
      bitcoin-ruby
      chain-ruby
      money-tree

GEM
  remote: https://rubygems.org/
  specs:
    bitcoin-ruby (0.0.6)
    chain-bitcoin-ruby (0.0.1)
    chain-ruby (0.1.2)
      chain-bitcoin-ruby (= 0.0.1)
    diff-lcs (1.2.5)
    ffi (1.9.6)
    money-tree (0.8.7)
      ffi
    rake (10.3.2)
    rspec (3.1.0)
      rspec-core (~> 3.1.0)
      rspec-expectations (~> 3.1.0)
      rspec-mocks (~> 3.1.0)
    rspec-core (3.1.7)
      rspec-support (~> 3.1.0)
    rspec-expectations (3.1.2)
      diff-lcs (>= 1.2.0, < 2.0)
      rspec-support (~> 3.1.0)
    rspec-mocks (3.1.3)
      rspec-support (~> 3.1.0)
    rspec-support (3.1.2)

PLATFORMS
  ruby

DEPENDENCIES
  onchain!
  rake
  rspec (~> 3.1.0)
