PATH
  remote: .
  specs:
    onchain (3.2)
      bitcoin-ruby
      google_currency
      httparty
      money-tree
      net-ssh

GEM
  remote: https://rubygems.org/
  specs:
    bitcoin-ruby (0.0.9)
    diff-lcs (1.2.5)
    ffi (1.9.14)
    google_currency (3.3.0)
      money (~> 6.7)
    httparty (0.14.0)
      multi_xml (>= 0.5.2)
    i18n (0.7.0)
    money (6.7.1)
      i18n (>= 0.6.4, <= 0.7.0)
      sixarm_ruby_unaccent (>= 1.1.1, < 2)
    money-tree (0.9.0)
      ffi
    multi_xml (0.5.5)
    net-ssh (3.2.0)
    rake (10.4.2)
    rspec (3.1.0)
      rspec-core (~> 3.1.0)
      rspec-expectations (~> 3.1.0)
      rspec-mocks (~> 3.1.0)
    rspec-core (3.1.7)
      rspec-support (~> 3.1.0)
    rspec-expectations (3.1.2)
      diff-lcs (>= 1.2.0, < 2.0)
      rspec-support (~> 3.1.0)
    rspec-mocks (3.1.3)
      rspec-support (~> 3.1.0)
    rspec-support (3.1.2)
    sixarm_ruby_unaccent (1.1.1)

PLATFORMS
  ruby

DEPENDENCIES
  onchain!
  rake
  rspec (~> 3.1.0)

BUNDLED WITH
   1.13.6
