PATH
  remote: .
  specs:
    onchain (4.04)
      bitcoin-ruby
      google_currency
      money-tree

GEM
  remote: https://rubygems.org/
  specs:
    addressable (2.5.1)
      public_suffix (~> 2.0, >= 2.0.2)
    bitcoin-ruby (0.0.11)
    crack (0.4.3)
      safe_yaml (~> 1.0.0)
    diff-lcs (1.3)
    ffi (1.9.18)
    google_currency (3.3.0)
      money (~> 6.7)
    hashdiff (0.3.5)
    i18n (0.8.6)
    money (6.9.0)
      i18n (>= 0.6.4, < 0.9)
    money-tree (0.9.0)
      ffi
    public_suffix (2.0.5)
    rake (12.0.0)
    rspec (3.1.0)
      rspec-core (~> 3.1.0)
      rspec-expectations (~> 3.1.0)
      rspec-mocks (~> 3.1.0)
    rspec-core (3.1.7)
      rspec-support (~> 3.1.0)
    rspec-expectations (3.1.2)
      diff-lcs (>= 1.2.0, < 2.0)
      rspec-support (~> 3.1.0)
    rspec-mocks (3.1.3)
      rspec-support (~> 3.1.0)
    rspec-support (3.1.2)
    safe_yaml (1.0.4)
    vcr (3.0.3)
    webmock (3.0.1)
      addressable (>= 2.3.6)
      crack (>= 0.3.2)
      hashdiff

PLATFORMS
  ruby

DEPENDENCIES
  onchain!
  rake
  rspec (~> 3.1.0)
  vcr
  webmock

BUNDLED WITH
   1.15.3
