PATH
  remote: .
  specs:
    onchain (1.3.5)
      bitcoin-ruby
      chain-ruby
      money-tree
      rest-client

GEM
  remote: https://rubygems.org/
  specs:
    bitcoin-ruby (0.0.6)
    chain-bitcoin-ruby (0.0.1)
    chain-ruby (2.0.1)
      chain-bitcoin-ruby (= 0.0.1)
    diff-lcs (1.2.5)
    ffi (1.9.6)
    mime-types (2.4.3)
    money-tree (0.8.7)
      ffi
    netrc (0.8.0)
    rake (10.3.2)
    rest-client (1.7.2)
      mime-types (>= 1.16, < 3.0)
      netrc (~> 0.7)
    rspec (3.1.0)
      rspec-core (~> 3.1.0)
      rspec-expectations (~> 3.1.0)
      rspec-mocks (~> 3.1.0)
    rspec-core (3.1.7)
      rspec-support (~> 3.1.0)
    rspec-expectations (3.1.2)
      diff-lcs (>= 1.2.0, < 2.0)
      rspec-support (~> 3.1.0)
    rspec-mocks (3.1.3)
      rspec-support (~> 3.1.0)
    rspec-support (3.1.2)

PLATFORMS
  ruby

DEPENDENCIES
  onchain!
  rake
  rspec (~> 3.1.0)
